GEM
  remote: https://rubygems.org/
  specs:
    doterd (0.0.1)

PLATFORMS
  ruby

DEPENDENCIES
  doterd

RUBY VERSION
   ruby 2.4.1p111

BUNDLED WITH
   1.15.3
